PATH
  remote: ../..
  specs:
    foobara-llm-backed-command (1.0.1)
      foobara (>= 0.0.136, < 2.0.0)
      foobara-ai (>= 1.0.0, < 2.0.0)
      foobara-json-schema-generator (>= 1.0.0, < 2.0.0)

GEM
  remote: https://rubygems.org/
  specs:
    bigdecimal (3.2.2)
    byebug (12.0.0)
    coderay (1.1.3)
    date (3.4.1)
    dotenv (3.1.8)
    erb (5.0.2)
    foobara (0.0.142)
      bigdecimal
      foobara-lru-cache (< 2.0.0)
      foobara-util (< 2.0.0)
      inheritable-thread-vars (< 2.0.0)
    foobara-ai (1.0.2)
    foobara-anthropic-api (1.0.1)
      foobara-cached-command
      foobara-http-api-command
    foobara-cached-command (1.0.0)
      foobara (< 2.0.0)
    foobara-dotenv-loader (0.0.3)
      dotenv
    foobara-http-api-command (0.0.9)
      foobara
    foobara-http-command-connector (0.0.26)
      foobara (~> 0.0.116)
    foobara-json-schema-generator (1.0.1)
      foobara (>= 0.0.136, < 2.0.0)
    foobara-local-files-crud-driver (0.0.10)
      foobara (~> 0.0.102)
    foobara-lru-cache (1.0.0)
    foobara-ollama-api (1.0.2)
      foobara-cached-command (>= 1.0.0, < 2.0.0)
      foobara-http-api-command (< 2.0.0)
    foobara-open-ai-api (1.0.1)
      foobara-cached-command
      foobara-http-api-command
    foobara-rack-connector (0.0.10)
      foobara (~> 0.0.88)
      foobara-http-command-connector (~> 0.0.1)
      rack
    foobara-remote-imports (0.0.14)
      foobara (~> 0.0.88)
    foobara-sh-cli-connector (1.0.2)
      foobara (>= 0.0.136, < 2.0.0)
    foobara-util (1.0.2)
    inheritable-thread-vars (0.0.3)
    io-console (0.8.1)
    irb (1.15.2)
      pp (>= 0.6.0)
      rdoc (>= 4.0.0)
      reline (>= 0.4.2)
    method_source (1.1.0)
    nio4r (2.7.4)
    ostruct (0.6.3)
    pp (0.6.2)
      prettyprint
    prettyprint (0.2.0)
    pry (0.15.2)
      coderay (~> 1.1)
      method_source (~> 1.0)
    pry-byebug (3.11.0)
      byebug (~> 12.0)
      pry (>= 0.13, < 0.16)
    psych (5.2.6)
      date
      stringio
    puma (6.6.1)
      nio4r (~> 2.0)
    rack (3.2.0)
    rackup (2.2.1)
      rack (>= 3)
    rdoc (6.14.2)
      erb
      psych (>= 4.0.0)
    reline (0.6.2)
      io-console (~> 0.5)
    stringio (3.1.7)

PLATFORMS
  ruby
  x86_64-linux

DEPENDENCIES
  foobara-anthropic-api (< 2.0.0)
  foobara-dotenv-loader (< 2.0.0)
  foobara-llm-backed-command!
  foobara-local-files-crud-driver (< 2.0.0)
  foobara-ollama-api (< 2.0.0)
  foobara-open-ai-api (< 2.0.0)
  foobara-rack-connector (< 2.0.0)
  foobara-remote-imports (< 2.0.0)
  foobara-sh-cli-connector (< 2.0.0)
  irb
  ostruct
  pry
  pry-byebug
  puma
  rackup

BUNDLED WITH
   2.6.5
