GEM
  remote: https://rubygems.org/
  specs:
    bigdecimal (3.1.9)
    byebug (11.1.3)
    coderay (1.1.3)
    dotenv (3.1.7)
    foobara (0.0.75)
      bigdecimal
      foobara-lru-cache
      foobara-util
    foobara-ai (0.0.11)
    foobara-anthropic-api (0.0.10)
      foobara-cached-command
      foobara-http-api-command
    foobara-cached-command (0.0.2)
      foobara
    foobara-dotenv-loader (0.0.3)
      dotenv
    foobara-http-api-command (0.0.9)
      foobara
    foobara-http-command-connector (0.0.14)
      foobara
    foobara-json-schema-generator (0.0.2)
      foobara
    foobara-llm-backed-command (0.0.5)
      foobara-ai
      foobara-json-schema-generator
    foobara-local-files-crud-driver (0.0.6)
      foobara
    foobara-lru-cache (0.0.2)
    foobara-ollama-api (0.0.4)
      foobara-http-api-command
    foobara-open-ai-api (0.0.12)
      foobara-cached-command
      foobara-http-api-command
    foobara-rack-connector (0.0.4)
      foobara
      foobara-http-command-connector
      foobara-util
      rack
    foobara-remote-imports (0.0.9)
      foobara
    foobara-sh-cli-connector (0.0.12)
      foobara
    foobara-util (0.0.11)
    method_source (1.1.0)
    nio4r (2.7.4)
    ostruct (0.6.1)
    pry (0.14.2)
      coderay (~> 1.1)
      method_source (~> 1.0)
    pry-byebug (3.10.1)
      byebug (~> 11.0)
      pry (>= 0.13, < 0.15)
    puma (6.6.0)
      nio4r (~> 2.0)
    rack (3.1.12)
    rackup (2.2.1)
      rack (>= 3)

PLATFORMS
  ruby
  x86_64-linux

DEPENDENCIES
  foobara-anthropic-api
  foobara-dotenv-loader
  foobara-llm-backed-command
  foobara-local-files-crud-driver
  foobara-ollama-api
  foobara-open-ai-api
  foobara-rack-connector
  foobara-remote-imports
  foobara-sh-cli-connector
  ostruct
  pry
  pry-byebug
  puma
  rackup

BUNDLED WITH
   2.6.5
